GEM
  remote: https://rubygems.org/
  specs:
    ZenTest (4.11.2)
    addressable (2.8.7)
      public_suffix (>= 2.0.2, < 7.0)
    async (2.20.0)
      console (~> 1.29)
      fiber-annotation
      io-event (~> 1.6, >= 1.6.5)
    async-container (0.18.3)
      async (~> 2.10)
    async-http (0.83.1)
      async (>= 2.10.2)
      async-pool (~> 0.9)
      io-endpoint (~> 0.14)
      io-stream (~> 0.6)
      metrics (~> 0.12)
      protocol-http (~> 0.43)
      protocol-http1 (>= 0.28.1)
      protocol-http2 (~> 0.19)
      traces (~> 0.10)
    async-http-cache (0.4.4)
      async-http (~> 0.56)
    async-pool (0.10.2)
      async (>= 1.25)
      traces
    async-service (0.12.0)
      async
      async-container (~> 0.16)
    base64 (0.2.0)
    bigdecimal (3.1.8)
    builder (3.3.0)
    byebug (11.1.3)
    capybara (3.1.0)
      addressable
      mini_mime (>= 0.1.3)
      nokogiri (~> 1.8)
      rack (>= 1.6.0)
      rack-test (>= 0.6.3)
      xpath (~> 3.0)
    celluloid (0.16.0)
      timers (~> 4.0.0)
    console (1.29.0)
      fiber-annotation
      fiber-local (~> 1.1)
      json
    crack (1.0.0)
      bigdecimal
      rexml
    cucumber (2.0.0)
      builder (>= 2.1.2)
      cucumber-core (~> 1.1.3)
      diff-lcs (>= 1.1.3)
      gherkin (~> 2.12)
      multi_json (>= 1.7.5, < 2.0)
      multi_test (>= 0.1.2)
    cucumber-core (1.1.3)
      gherkin (~> 2.12.0)
    cucumber-sinatra (0.5.0)
      templater (>= 1.0.0)
    daemons (1.4.1)
    diff-lcs (1.5.1)
    docile (1.4.1)
    domain_name (0.6.20240107)
    eventmachine (1.2.7)
    extlib (0.9.16)
    falcon (0.48.3)
      async
      async-container (~> 0.18)
      async-http (~> 0.75)
      async-http-cache (~> 0.4)
      async-service (~> 0.10)
      bundler
      localhost (~> 1.1)
      openssl (~> 3.0)
      process-metrics (~> 0.2)
      protocol-http (~> 0.31)
      protocol-rack (~> 0.7)
      samovar (~> 2.3)
    ffi (1.17.0-x64-mingw-ucrt)
    ffi-compiler (1.3.2)
      ffi (>= 1.15.5)
      rake
    fiber-annotation (0.2.0)
    fiber-local (1.1.0)
      fiber-storage
    fiber-storage (1.0.0)
    gherkin (2.12.2)
      multi_json (~> 1.3)
    hashdiff (1.1.2)
    highline (3.1.1)
      reline
    hitimes (3.0.0)
    http (5.2.0)
      addressable (~> 2.8)
      base64 (~> 0.1)
      http-cookie (~> 1.0)
      http-form_data (~> 2.2)
      llhttp-ffi (~> 0.5.0)
    http-cookie (1.0.7)
      domain_name (~> 0.5)
    http-form_data (2.3.0)
    io-console (0.7.2)
    io-endpoint (0.14.0)
    io-event (1.7.3)
    io-stream (0.6.1)
    json (2.8.1)
    launchy (2.4.3)
      addressable (~> 2.3)
    listen (2.10.1)
      celluloid (~> 0.16.0)
      rb-fsevent (>= 0.9.3)
      rb-inotify (>= 0.9)
    llhttp-ffi (0.5.0)
      ffi-compiler (~> 1.0)
      rake (~> 13.0)
    localhost (1.3.1)
    mapping (1.1.1)
    metrics (0.12.1)
    mini_mime (1.1.5)
    multi_json (1.15.0)
    multi_test (1.1.0)
    mustermann (3.0.3)
      ruby2_keywords (~> 0.0.1)
    nio4r (2.7.4)
    nokogiri (1.16.7-x64-mingw-ucrt)
      racc (~> 1.4)
    openssl (3.2.0)
    process-metrics (0.3.0)
      console (~> 1.8)
      json (~> 2)
      samovar (~> 2.1)
    protocol-hpack (1.5.1)
    protocol-http (0.44.0)
    protocol-http1 (0.28.1)
      protocol-http (~> 0.22)
    protocol-http2 (0.20.0)
      protocol-hpack (~> 1.4)
      protocol-http (~> 0.18)
    protocol-rack (0.11.0)
      protocol-http (~> 0.43)
      rack (>= 1.0)
    public_suffix (6.0.1)
    puma (6.4.3)
      nio4r (~> 2.0)
    racc (1.8.1)
    rack (3.1.8)
    rack-protection (4.0.0)
      base64 (>= 0.1.0)
      rack (>= 3.0.0, < 4)
    rack-session (2.0.0)
      rack (>= 3.0.0)
    rack-test (0.6.3)
      rack (>= 1.0)
    rack_session_access (0.1.1)
      builder (>= 2.0.0)
      rack (>= 1.0.0)
    rackup (2.2.0)
      rack (>= 3)
    rake (13.2.1)
    rb-fsevent (0.11.2)
    rb-inotify (0.11.1)
      ffi (~> 1.0)
    reline (0.5.11)
      io-console (~> 0.5)
    rerun (0.10.0)
      listen (~> 2.7, >= 2.7.3)
    rexml (3.3.9)
    rspec (3.3.0)
      rspec-core (~> 3.3.0)
      rspec-expectations (~> 3.3.0)
      rspec-mocks (~> 3.3.0)
    rspec-autotest (1.0.0)
      rspec-core (>= 2.99.0.beta1, < 4.0.0)
    rspec-core (3.3.2)
      rspec-support (~> 3.3.0)
    rspec-expectations (3.3.1)
      diff-lcs (>= 1.2.0, < 2.0)
      rspec-support (~> 3.3.0)
    rspec-mocks (3.3.2)
      diff-lcs (>= 1.2.0, < 2.0)
      rspec-support (~> 3.3.0)
    rspec-support (3.3.0)
    ruby2_keywords (0.0.5)
    samovar (2.3.0)
      console (~> 1.0)
      mapping (~> 1.0)
    simplecov (0.16.1)
      docile (~> 1.1)
      json (>= 1.8, < 3)
      simplecov-html (~> 0.10.0)
    simplecov-html (0.10.2)
    sinatra (4.0.0)
      mustermann (~> 3.0)
      rack (>= 3.0.0, < 4)
      rack-protection (= 4.0.0)
      rack-session (>= 2.0.0, < 3)
      tilt (~> 2.0)
    sinatra-flash (0.3.0)
      sinatra (>= 1.0.0)
    templater (1.0.0)
      diff-lcs (>= 1.1.2)
      extlib (>= 0.9.5)
      highline (>= 1.4.0)
    thin (1.6.2)
      daemons (>= 1.0.9)
      eventmachine (>= 1.0.0)
      rack (>= 1.0.0)
    tilt (2.4.0)
    timers (4.0.4)
      hitimes
    traces (0.14.1)
    webmock (3.3.0)
      addressable (>= 2.3.6)
      crack (>= 0.3.2)
      hashdiff
    webrick (1.9.0)
    xpath (3.2.0)
      nokogiri (~> 1.8)

PLATFORMS
  x64-mingw-ucrt

DEPENDENCIES
  ZenTest (= 4.11.2)
  byebug
  capybara (= 3.1)
  cucumber (= 2.0.0)
  cucumber-sinatra (= 0.5.0)
  falcon
  http
  launchy (= 2.4.3)
  puma
  rack-test (= 0.6.3)
  rack_session_access (= 0.1.1)
  rackup
  rerun (= 0.10.0)
  rspec (= 3.3.0)
  rspec-autotest (= 1.0.0)
  simplecov (= 0.16.1)
  sinatra (>= 2.0.2)
  sinatra-flash (= 0.3.0)
  thin
  webmock (= 3.3.0)
  webrick

RUBY VERSION
   ruby 3.2.2p53

BUNDLED WITH
   2.5.22
